PATH
  remote: .
  specs:
    yubikey (1.3.1)

GEM
  remote: http://www.rubygems.org/
  specs:
    diff-lcs (1.1.3)
    rake (10.0.3)
    rdoc (4.0.0)
    rspec (2.12.0)
      rspec-core (~> 2.12.0)
      rspec-expectations (~> 2.12.0)
      rspec-mocks (~> 2.12.0)
    rspec-core (2.12.2)
    rspec-expectations (2.12.1)
      diff-lcs (~> 1.1.3)
    rspec-mocks (2.12.2)

PLATFORMS
  java
  ruby

DEPENDENCIES
  rake (>= 0.8.7)
  rdoc
  rspec (>= 2.0)
  yubikey!
